PATH
  remote: .
  specs:
    pru (0.2.1)

GEM
  remote: https://rubygems.org/
  specs:
    bump (0.10.0)
    diff-lcs (1.4.4)
    rake (13.0.6)
    rspec (2.99.0)
      rspec-core (~> 2.99.0)
      rspec-expectations (~> 2.99.0)
      rspec-mocks (~> 2.99.0)
    rspec-core (2.99.2)
    rspec-expectations (2.99.2)
      diff-lcs (>= 1.1.3, < 2.0)
    rspec-mocks (2.99.4)

PLATFORMS
  x86_64-darwin-19
  x86_64-linux

DEPENDENCIES
  bump
  pru!
  rake
  rspec (~> 2)

BUNDLED WITH
   2.2.16
